GEM
  remote: https://rubygems.org/
  specs:
    database_cleaner (1.4.0)
    diff-lcs (1.2.4)
    rspec (2.14.1)
      rspec-core (~> 2.14.0)
      rspec-expectations (~> 2.14.0)
      rspec-mocks (~> 2.14.0)
    rspec-core (2.14.5)
    rspec-expectations (2.14.3)
      diff-lcs (>= 1.1.3, < 2.0)
    rspec-mocks (2.14.3)
    sequel (4.19.0)

PLATFORMS
  ruby

DEPENDENCIES
  database_cleaner
  rspec
  sequel
